GEM
  remote: https://rubygems.org/
  specs:
    capcake (3.0.1)
      capistrano (~> 3.0, >= 3.0.0)
      capistrano-composer (~> 0, >= 0.0.3)
      capistrano-file-permissions (~> 0, >= 0.0.1)
    capistrano (3.3.3)
      capistrano-stats (~> 1.0.3)
      i18n
      rake (>= 10.0.0)
      sshkit (~> 1.3)
    capistrano-bower (1.0.0)
      capistrano (~> 3.0)
    capistrano-composer (0.0.4)
      capistrano (>= 3.0.0.pre)
    capistrano-file-permissions (0.1.0)
      capistrano (>= 3.0.0)
    capistrano-npm (1.0.1)
      capistrano (>= 3.0.0)
    capistrano-stats (1.0.3)
    colorize (0.7.3)
    i18n (0.6.11)
    net-scp (1.2.1)
      net-ssh (>= 2.6.5)
    net-ssh (2.9.1)
    rake (10.4.2)
    sshkit (1.5.1)
      colorize
      net-scp (>= 1.1.2)
      net-ssh (>= 2.8.0)

PLATFORMS
  ruby

DEPENDENCIES
  capcake (~> 3.0)
  capistrano (~> 3.0)
  capistrano-bower (~> 1.0)
  capistrano-npm (~> 1.0)
